GEM
  remote: https://rubygems.org/
  specs:
    json (1.8.1)
    pg (0.17.1)
    rack (1.5.2)
    rack-protection (1.5.3)
      rack
    ruby-ole (1.2.11.7)
    sinatra (1.3.4)
      rack (~> 1.4)
      rack-protection (~> 1.3)
      tilt (~> 1.3, >= 1.3.3)
    spreadsheet (0.9.7)
      ruby-ole (>= 1.0)
    tilt (1.4.1)

PLATFORMS
  ruby

DEPENDENCIES
  json
  pg
  sinatra (= 1.3.4)
  spreadsheet
